GEM
  remote: http://rubygems.org/
  specs:
    json (2.1.0)
    puma (3.9.1)
    rack (1.6.4)
    rack-protection (1.5.3)
      rack
    sinatra (1.4.7)
      rack (~> 1.5)
      rack-protection (~> 1.4)
      tilt (>= 1.3, < 3)
    tilt (2.0.5)

PLATFORMS
  ruby

DEPENDENCIES
  json
  puma
  sinatra

RUBY VERSION
   ruby 2.3.1p112

BUNDLED WITH
   1.11.2
